GEM
  remote: https://rubygems.org/
  specs:
    addressable (2.5.1)
      public_suffix (~> 2.0, >= 2.0.2)
    classifier-reborn (2.1.0)
      fast-stemmer (~> 1.0)
    coderay (1.1.1)
    colorator (1.1.0)
    cssminify2 (2.0.1)
    execjs (2.7.0)
    fast-stemmer (1.0.2)
    ffi (1.9.18)
    forwardable-extended (2.6.0)
    htmlcompressor (0.3.1)
    jekyll (3.5.0)
      addressable (~> 2.4)
      colorator (~> 1.0)
      jekyll-sass-converter (~> 1.0)
      jekyll-watch (~> 1.1)
      kramdown (~> 1.3)
      liquid (~> 4.0)
      mercenary (~> 0.3.3)
      pathutil (~> 0.9)
      rouge (~> 1.7)
      safe_yaml (~> 1.0)
    jekyll-minifier (0.1.3)
      cssminify2 (~> 2.0)
      htmlcompressor (~> 0.3)
      jekyll (~> 3.5)
      uglifier (~> 3.2)
    jekyll-octicons (3.0.1)
      jekyll (~> 3.1)
      octicons (~> 3.0)
    jekyll-paginate-v2 (1.8.0)
      jekyll (~> 3.0)
    jekyll-sass-converter (1.5.0)
      sass (~> 3.4)
    jekyll-watch (1.5.0)
      listen (~> 3.0, < 3.1)
    jekyll_elm (0.18.0)
    jekyll_example_embed (0.1.0)
      jekyll (~> 3)
      jekyll-octicons (~> 3)
    jekyll_fancy_link (0.0.5)
      jekyll (~> 3)
      jekyll-octicons (~> 3)
    kramdown (1.14.0)
    liquid (4.0.0)
    listen (3.0.8)
      rb-fsevent (~> 0.9, >= 0.9.4)
      rb-inotify (~> 0.9, >= 0.9.7)
    mercenary (0.3.6)
    method_source (0.8.2)
    mini_portile2 (2.2.0)
    multi_json (1.12.1)
    nokogiri (1.8.0)
      mini_portile2 (~> 2.2.0)
    octicons (3.0.1)
      nokogiri (>= 1.6.3.1)
    pathutil (0.14.0)
      forwardable-extended (~> 2.6)
    pry (0.10.4)
      coderay (~> 1.1.0)
      method_source (~> 0.8.1)
      slop (~> 3.4)
    public_suffix (2.0.5)
    pygments.rb (1.1.2)
      multi_json (>= 1.0.0)
    rb-fsevent (0.10.2)
    rb-inotify (0.9.10)
      ffi (>= 0.5.0, < 2)
    redcarpet (3.4.0)
    rouge (1.11.1)
    safe_yaml (1.0.4)
    sass (3.4.25)
    slop (3.6.0)
    uglifier (3.2.0)
      execjs (>= 0.3.0, < 3)

PLATFORMS
  ruby

DEPENDENCIES
  classifier-reborn
  jekyll
  jekyll-minifier
  jekyll-paginate-v2
  jekyll_elm
  jekyll_example_embed
  jekyll_fancy_link
  pry
  pygments.rb
  redcarpet

BUNDLED WITH
   1.15.1
