GIT
  remote: git://github.com/siefca/rb-gsl.git
  revision: d9b78c9cf18e112f6ab0623480a9861969b6fa9f
  specs:
    gsl (1.16.0)
      narray (>= 0.5.9)

GIT
  remote: git://github.com/slashfoo/classifier-reborn.git
  revision: a14bab4a7b16c84890ab904fb8f8baff1310b2fb
  branch: fixlsi
  specs:
    classifier-reborn (2.0.3)
      fast-stemmer (~> 1.0)

GEM
  remote: https://rubygems.org/
  specs:
    celluloid (0.16.0)
      timers (~> 4.0.0)
    coderay (1.1.0)
    colorator (0.1)
    fast-stemmer (1.0.2)
    ffi (1.9.10)
    hitimes (1.2.2)
    jekyll (3.0.0.pre.beta2)
      colorator (~> 0.1)
      jekyll-sass-converter (~> 1.0)
      jekyll-watch (~> 1.1)
      kramdown (~> 1.3)
      liquid (~> 3.0)
      mercenary (~> 0.3.3)
      rouge (~> 1.7)
      safe_yaml (~> 1.0)
    jekyll-paginate (1.1.0)
    jekyll-sass-converter (1.3.0)
      sass (~> 3.2)
    jekyll-watch (1.2.1)
      listen (~> 2.7)
    jekyll_elm (0.14.2)
    jekyll_example_embed (0.0.6)
      jekyll (>= 2.3)
    kramdown (1.8.0)
    liquid (3.0.3)
    listen (2.10.1)
      celluloid (~> 0.16.0)
      rb-fsevent (>= 0.9.3)
      rb-inotify (>= 0.9)
    mercenary (0.3.5)
    method_source (0.8.2)
    narray (0.6.1.1)
    posix-spawn (0.3.11)
    pry (0.10.1)
      coderay (~> 1.1.0)
      method_source (~> 0.8.1)
      slop (~> 3.4)
    pygments.rb (0.6.3)
      posix-spawn (~> 0.3.6)
      yajl-ruby (~> 1.2.0)
    rb-fsevent (0.9.5)
    rb-inotify (0.9.5)
      ffi (>= 0.5.0)
    redcarpet (3.3.2)
    rouge (1.9.0)
    safe_yaml (1.0.4)
    sass (3.4.15)
    slop (3.6.0)
    timers (4.0.1)
      hitimes
    yajl-ruby (1.2.1)

PLATFORMS
  ruby

DEPENDENCIES
  classifier-reborn!
  gsl!
  jekyll (= 3.0.0.pre.beta2)
  jekyll-paginate
  jekyll_elm
  jekyll_example_embed
  pry
  pygments.rb
  redcarpet
